GEM
  remote: https://rubygems.org/
  specs:
    debug (1.9.2)
      irb (~> 1.10)
      reline (>= 0.3.8)
    io-console (0.6.0)
    irb (1.14.0)
      rdoc (>= 4.0.0)
      reline (>= 0.4.2)
    psych (5.0.1)
      stringio
    rdoc (6.5.0)
      psych (>= 4.0.0)
    reline (0.5.9)
      io-console (~> 0.5)
    stringio (3.0.4)

PLATFORMS
  x86_64-darwin-22

DEPENDENCIES
  debug (>= 1.0.0)

BUNDLED WITH
   2.4.14
